GEM
  remote: https://rubygems.org/
  specs:
    activesupport (6.0.0)
      concurrent-ruby (~> 1.0, >= 1.0.2)
      i18n (>= 0.7, < 2)
      minitest (~> 5.1)
      tzinfo (~> 1.1)
      zeitwerk (~> 2.1, >= 2.1.8)
    as_json_representations (0.4.3)
    blueprinter (0.19.0)
    concurrent-ruby (1.1.5)
    fast_jsonapi (1.5)
      activesupport (>= 4.2)
    i18n (1.6.0)
      concurrent-ruby (~> 1.0)
    minitest (5.11.3)
    thread_safe (0.3.6)
    tzinfo (1.2.5)
      thread_safe (~> 0.1)
    zeitwerk (2.1.9)

PLATFORMS
  ruby

DEPENDENCIES
  as_json_representations
  blueprinter
  fast_jsonapi

BUNDLED WITH
   1.17.2
