GEM
  remote: https://rubygems.org/
  specs:
    activesupport (6.0.3.1)
      concurrent-ruby (~> 1.0, >= 1.0.2)
      i18n (>= 0.7, < 2)
      minitest (~> 5.1)
      tzinfo (~> 1.1)
      zeitwerk (~> 2.2, >= 2.2.2)
    as_json_representations (0.4.3)
    blueprinter (0.19.0)
    concurrent-ruby (1.1.6)
    fast_jsonapi (1.5)
      activesupport (>= 4.2)
    i18n (1.8.2)
      concurrent-ruby (~> 1.0)
    minitest (5.14.1)
    thread_safe (0.3.6)
    tzinfo (1.2.7)
      thread_safe (~> 0.1)
    zeitwerk (2.3.0)

PLATFORMS
  ruby

DEPENDENCIES
  as_json_representations
  blueprinter
  fast_jsonapi

BUNDLED WITH
   1.17.2
